GEM
  remote: https://rubygems.org/
  specs:
    addressable (2.3.8)
    cookiejar (0.3.2)
    crass (1.0.2)
    em-eventsource (0.2.1)
      em-http-request (~> 1.0)
      eventmachine (~> 1.0)
    em-http-request (1.1.2)
      addressable (>= 2.3.4)
      cookiejar
      em-socksify (>= 0.3)
      eventmachine (>= 1.0.3)
      http_parser.rb (>= 0.6.0)
    em-socksify (0.3.0)
      eventmachine (>= 1.0.0.beta.4)
    eventmachine (1.0.8)
    faraday (0.9.1)
      multipart-post (>= 1.2, < 3)
    flowdock (0.7.0)
      httparty (~> 0.7)
      multi_json
    http_parser.rb (0.6.0)
    http_router (0.11.2)
      rack (>= 1.0.0)
      url_mount (~> 0.2.1)
    httparty (0.13.5)
      json (~> 1.8)
      multi_xml (>= 0.5.2)
    i18n (0.7.0)
    ice_nine (0.11.1)
    json (1.8.3)
    keepass-password-generator (0.1.1)
    lita (4.4.3)
      bundler (>= 1.3)
      faraday (>= 0.8.7)
      http_router (>= 0.11.1)
      i18n (>= 0.6.9)
      ice_nine (>= 0.11.0)
      multi_json (>= 1.7.7)
      puma (>= 2.7.1)
      rack (>= 1.5.2)
      rb-readline (>= 0.5.1)
      redis-namespace (>= 1.3.0)
      thor (>= 0.18.1)
    lita-applause (0.0.2)
      lita (>= 4.0)
    lita-catfacts (0.0.4)
      lita (>= 2.3)
    lita-chuck_norris (0.0.1)
      lita (>= 3.0)
    lita-cowsay (0.2.0)
      lita (>= 4.4)
      ruby_cowsay
    lita-excuses (0.0.6)
      lita (>= 2.2)
      nokogiri
    lita-flip (1.0.1)
      lita
    lita-flowdock (0.2.2)
      em-eventsource
      flowdock
      lita (~> 4.2)
    lita-garfield (0.0.2)
      lita (~> 4.3)
    lita-giphy (1.0.2)
      lita (>= 2.0)
    lita-goforit (0.1.0)
      lita (>= 4.3)
    lita-google-images (2.0.0)
      lita (>= 4.0)
    lita-group-mention (1.1.1)
      lita (>= 4.2)
    lita-karma (3.0.2)
      lita (>= 4.0)
    lita-motivate (0.2.1)
      lita (>= 4.2)
    lita-password (0.1.4)
      keepass-password-generator
      lita (>= 4.3)
    lita-pugbomb (1.0.2)
      lita (>= 2.0)
    lita-static-meme (1.0.0)
      lita
    lita-wikipedia (0.1.0)
      lita (>= 3.1)
      nokogiri (>= 1.6.6)
      sanitize (>= 3.1.2)
    lita-xkcd (0.0.5)
      lita (>= 2.2)
    mini_portile (0.6.2)
    multi_json (1.11.2)
    multi_xml (0.5.5)
    multipart-post (2.0.0)
    nokogiri (1.6.6.2)
      mini_portile (~> 0.6.0)
    nokogumbo (1.4.1)
      nokogiri
    puma (2.12.2)
    rack (1.6.1)
    rake (10.4.2)
    rb-readline (0.5.3)
    redis (3.2.1)
    redis-namespace (1.5.2)
      redis (~> 3.0, >= 3.0.4)
    ruby_cowsay (0.1.1)
    sanitize (4.0.0)
      crass (~> 1.0.2)
      nokogiri (>= 1.4.4)
      nokogumbo (= 1.4.1)
    thor (0.19.1)
    url_mount (0.2.1)
      rack

PLATFORMS
  ruby

DEPENDENCIES
  lita
  lita-applause
  lita-catfacts
  lita-chuck_norris
  lita-cowsay
  lita-excuses
  lita-flip
  lita-flowdock
  lita-garfield
  lita-giphy
  lita-goforit
  lita-google-images
  lita-group-mention
  lita-karma
  lita-motivate
  lita-password
  lita-pugbomb
  lita-static-meme
  lita-wikipedia
  lita-xkcd
  rake

BUNDLED WITH
   1.10.3
